GEM
  remote: https://rubygems.org/
  specs:
    PriorityQueue (0.1.2)
    awesome_print (1.2.0)
    httpclient (2.3.4.1)
    rainbow (2.0.0)

PLATFORMS
  ruby
  x86-mingw32

DEPENDENCIES
  PriorityQueue
  awesome_print
  httpclient
  rainbow
